PATH
  remote: .
  specs:
    enough_fields (0.0.1)
      uniform_notifier (~> 1.0.0)

GEM
  remote: http://rubygems.org/
  specs:
    activemodel (3.0.3)
      activesupport (= 3.0.3)
      builder (~> 2.1.2)
      i18n (~> 0.4)
    activesupport (3.0.3)
    bson (1.1.2)
    bson_ext (1.1.2)
    builder (2.1.2)
    diff-lcs (1.1.2)
    i18n (0.4.2)
    mongo (1.1.2)
      bson (>= 1.1.1)
    mongoid (2.0.0.beta.20)
      activemodel (~> 3.0)
      mongo (~> 1.1)
      tzinfo (~> 0.3.22)
      will_paginate (~> 3.0.pre)
    rspec (2.1.0)
      rspec-core (~> 2.1.0)
      rspec-expectations (~> 2.1.0)
      rspec-mocks (~> 2.1.0)
    rspec-core (2.1.0)
    rspec-expectations (2.1.0)
      diff-lcs (~> 1.1.2)
    rspec-mocks (2.1.0)
    ruby-growl (3.0)
    tzinfo (0.3.23)
    uniform_notifier (1.0.0)
    will_paginate (3.0.pre2)
    xmpp4r (0.5)

PLATFORMS
  ruby

DEPENDENCIES
  bson (= 1.1.2)
  bson_ext (= 1.1.2)
  bundler (>= 1.0.0)
  enough_fields!
  mongoid (= 2.0.0.beta.20)
  rspec (~> 2.1.0)
  ruby-growl
  uniform_notifier (~> 1.0.0)
  xmpp4r
